NUGET
  remote: https://www.nuget.org/api/v2
  specs:
    Accord (3.0.2)
    Accord.MachineLearning (3.0.2)
      Accord (>= 3.0.2)
      Accord.Math (>= 3.0.2)
      Accord.Statistics (>= 3.0.2)
    Accord.Math (3.0.2)
      Accord (>= 3.0.2)
    Accord.Statistics (3.0.2)
      Accord (>= 3.0.2)
      Accord.Math (>= 3.0.2)
    Autofac (3.5.2)
    Deedle (1.2.4)
    Deedle.RPlugin (1.2.4)
      Deedle (>= 1.2.4)
      R.NET.Community (>= 1.6.4)
      R.NET.Community.FSharp (>= 1.6.4)
      RProvider (>= 1.1.13)
    DynamicInterop (0.7.4)
    Foogle.Charts (0.0.5)
    FSharp.Charting (0.90.13)
    FSharp.Core (4.0.0.1)
    FSharp.Data (2.2.5)
      Zlib.Portable (>= 1.10) - framework: portable-net40+sl50+wp80+win80
    FsLab (0.3.19)
      Deedle (1.2.4)
      Deedle.RPlugin (1.2.4)
      DynamicInterop (0.7.4)
      Foogle.Charts (0.0.5)
      FSharp.Charting (0.90.13)
      FSharp.Data (2.2.5)
      Google.DataTable.Net.Wrapper (3.1.2)
      MathNet.Numerics (3.11)
      MathNet.Numerics.FSharp (3.11)
      Newtonsoft.Json (8.0.3)
      R.NET.Community (1.6.5)
      R.NET.Community.FSharp (1.6.5)
      RProvider (1.1.20)
      XPlot.GoogleCharts (1.3.1)
      XPlot.GoogleCharts.Deedle (1.3.1)
      XPlot.Plotly (1.3.1)
    FsPlot (0.6.6)
      FunScript (1.1.86)
      FunScript.TypeScript.Binding.gapi (1.1.0.37)
      FunScript.TypeScript.Binding.google_visualization (1.1.0.37)
      FunScript.TypeScript.Binding.highcharts (1.1.0.37)
      FunScript.TypeScript.Binding.jquery (1.1.0.37)
      FunScript.TypeScript.Binding.lib (1.1.0.37)
      FunScript.TypeScript.Binding.signalr (1.1.0.37)
      Microsoft.AspNet.Cors (5.2.2)
      Microsoft.AspNet.SignalR.Core (2.1.2)
      Microsoft.AspNet.SignalR.JS (2.1.2)
      Microsoft.Owin (3.0)
      Microsoft.Owin.Cors (3.0)
      Microsoft.Owin.Diagnostics (3.0)
      Microsoft.Owin.Host.HttpListener (3.0)
      Microsoft.Owin.Host.SystemWeb (3.0)
      Microsoft.Owin.Hosting (3.0)
      Microsoft.Owin.Security (3.0)
      Newtonsoft.Json (>= 6.0.7)
      Owin (1.0)
      Selenium.WebDriver (2.44)
    FunScript (1.1.86)
    FunScript.TypeScript.Binding.gapi (1.1.0.37)
      FunScript.TypeScript.Binding.lib (>= 1.1.0.37)
    FunScript.TypeScript.Binding.google_visualization (1.1.0.37)
      FunScript.TypeScript.Binding.lib (>= 1.1.0.37)
    FunScript.TypeScript.Binding.highcharts (1.1.0.37)
      FunScript.TypeScript.Binding.jquery (>= 1.1.0.37)
      FunScript.TypeScript.Binding.lib (>= 1.1.0.37)
    FunScript.TypeScript.Binding.jquery (1.1.0.37)
      FunScript.TypeScript.Binding.lib (>= 1.1.0.37)
    FunScript.TypeScript.Binding.lib (1.1.0.37)
    FunScript.TypeScript.Binding.signalr (1.1.0.37)
      FunScript.TypeScript.Binding.jquery (>= 1.1.0.37)
      FunScript.TypeScript.Binding.lib (>= 1.1.0.37)
    Google.DataTable.Net.Wrapper (3.1.2)
    Http.fs (1.5.1)
    IKVM (8.1.5717)
    jQuery (2.2.3)
    MathNet.Numerics (3.11)
      TaskParallelLibrary (>= 1.0.2856) - framework: net35
    MathNet.Numerics.FSharp (3.11)
      FSharp.Core (>= 3.1.2.5)
      MathNet.Numerics (3.11)
    Microsoft.AspNet.Cors (5.2.2)
    Microsoft.AspNet.SignalR.Core (2.1.2)
      Microsoft.Owin (>= 2.0.1)
      Microsoft.Owin.Security (>= 2.0.1)
      Newtonsoft.Json (>= 6.0.4)
      Owin (>= 1.0)
    Microsoft.AspNet.SignalR.JS (2.1.2)
      jQuery (>= 1.6.4)
    Microsoft.Bcl (1.1.10)
      Microsoft.Bcl.Build (>= 1.0.14)
    Microsoft.Bcl.Async (1.0.168)
      Microsoft.Bcl (>= 1.1.8)
    Microsoft.Bcl.Build (1.0.21) - import_targets: false
    Microsoft.Net.Http (2.2.29)
      Microsoft.Bcl (>= 1.1.10)
      Microsoft.Bcl.Build (>= 1.0.14)
    Microsoft.Owin (3.0)
      Owin (>= 1.0)
    Microsoft.Owin.Cors (3.0)
      Microsoft.AspNet.Cors (>= 5.0)
      Microsoft.Owin (>= 3.0)
      Owin (>= 1.0)
    Microsoft.Owin.Diagnostics (3.0)
      Microsoft.Owin (>= 3.0)
      Owin (>= 1.0)
    Microsoft.Owin.Host.HttpListener (3.0)
    Microsoft.Owin.Host.SystemWeb (3.0)
      Microsoft.Owin (>= 3.0)
      Owin (>= 1.0)
    Microsoft.Owin.Hosting (3.0)
      Microsoft.Owin (>= 3.0)
      Owin (>= 1.0)
    Microsoft.Owin.Security (3.0)
      Microsoft.Owin (>= 3.0)
      Owin (>= 1.0)
    Newtonsoft.Json (8.0.3)
    Owin (1.0)
    R.NET.Community (1.6.5)
      DynamicInterop (0.7.4)
    R.NET.Community.FSharp (1.6.5)
      R.NET.Community (>= 1.6.5)
    RProvider (1.1.20)
      DynamicInterop (0.7.4)
      R.NET.Community (1.6.5)
      R.NET.Community.FSharp (1.6.5)
    Selenium.WebDriver (2.44)
    Stanford.NLP.CoreNLP (3.6)
      IKVM (8.1.5717)
    Stanford.NLP.Parser (3.6)
      IKVM (8.1.5717)
    TaskParallelLibrary (1.0.2856) - framework: net35
    TweetinviAPI (0.9.12.2)
      Autofac (>= 3.5.2)
      Microsoft.Bcl.Async (>= 1.0.168)
      Microsoft.Bcl.Build (>= 1.0.21)
      Microsoft.Net.Http (>= 2.2.29)
      Newtonsoft.Json (>= 8.0.3)
    XPlot.GoogleCharts (1.3.1)
      Google.DataTable.Net.Wrapper
      Newtonsoft.Json
    XPlot.GoogleCharts.Deedle (1.3.1)
      Deedle
      XPlot.GoogleCharts (>= 1.3.1)
    XPlot.Plotly (1.3.1)
      Http.fs
      Newtonsoft.Json
    Zlib.Portable (1.11) - framework: portable-net40+sl50+wp80+win80
